GEM
  remote: https://rubygems.org/
  specs:
    rack (2.0.1)
    rake (12.0.0)
    sass (3.4.23)

PLATFORMS
  ruby

DEPENDENCIES
  rack
  rake
  sass

BUNDLED WITH
   1.13.7
